GEM
  remote: https://rubygems.org/
  specs:
    mini_portile2 (2.4.0)
    minitest (5.14.1)
    nokogiri (1.10.10)
      mini_portile2 (~> 2.4.0)
    redis (4.2.1)

PLATFORMS
  ruby

DEPENDENCIES
  minitest
  nokogiri
  redis

BUNDLED WITH
   2.1.4
